PATH
  remote: .
  specs:
    notifyor (0.8.0)
      connection_pool
      net-ssh
      net-ssh-gateway
      redis
      terminal-notifier

GEM
  remote: https://rubygems.org/
  specs:
    connection_pool (2.2.0)
    diff-lcs (1.2.5)
    net-ssh (3.1.1)
    net-ssh-gateway (1.2.0)
      net-ssh (>= 2.6.5)
    redis (3.2.2)
    rspec (3.4.0)
      rspec-core (~> 3.4.0)
      rspec-expectations (~> 3.4.0)
      rspec-mocks (~> 3.4.0)
    rspec-core (3.4.4)
      rspec-support (~> 3.4.0)
    rspec-expectations (3.4.0)
      diff-lcs (>= 1.2.0, < 2.0)
      rspec-support (~> 3.4.0)
    rspec-mocks (3.4.1)
      diff-lcs (>= 1.2.0, < 2.0)
      rspec-support (~> 3.4.0)
    rspec-support (3.4.1)
    sqlite3 (1.3.11)
    terminal-notifier (1.6.3)

PLATFORMS
  ruby

DEPENDENCIES
  notifyor!
  rspec (~> 3.4.0)
  sqlite3

BUNDLED WITH
   1.11.2
